GEM
  remote: http://rubygems.org/
  specs:
    adsf (1.1.1)
      rack (>= 1.0.0)
    colored (1.2)
    commonjs (0.2.6)
    cri (2.3.0)
      colored (>= 1.2)
    less (2.2.1)
      commonjs (~> 0.2.6)
    mime-types (1.19)
    nanoc (3.4.0)
      cri (~> 2.2)
    rack (2.0.7)
    rainpress (1.0)

PLATFORMS
  ruby

DEPENDENCIES
  adsf
  less
  mime-types
  nanoc
  rainpress
